PATH
  remote: .
  specs:
    bad_json_request_handler (0.2.0)

GEM
  remote: https://rubygems.org/
  specs:
    minitest (5.14.0)
    rake (12.3.3)

PLATFORMS
  ruby

DEPENDENCIES
  bad_json_request_handler!
  minitest (~> 5.0)
  rake (~> 12.0)

BUNDLED WITH
   2.1.4
